GEM
  remote: https://rubygems.org/
  specs:
    awesome_print (1.6.1)
    foreman (0.78.0)
      thor (~> 0.19.1)
    hashie (3.4.3)
    httparty (0.13.7)
      json (~> 1.8)
      multi_xml (>= 0.5.2)
    json (1.8.3)
    multi_xml (0.5.5)
    rack (1.6.4)
    rack-protection (1.5.3)
      rack
    sinatra (1.4.6)
      rack (~> 1.4)
      rack-protection (~> 1.4)
      tilt (>= 1.3, < 3)
    thor (0.19.1)
    tilt (2.0.1)

PLATFORMS
  ruby

DEPENDENCIES
  awesome_print
  foreman
  hashie
  httparty
  rack
  sinatra

BUNDLED WITH
   1.10.6
